GEM
  remote: http://rubygems.org/
  specs:
    multipart-post (1.1.0)

PLATFORMS
  ruby

DEPENDENCIES
  multipart-post
